GEM
  remote: https://rubygems.org/
  specs:
    rack (3.1.8)

PLATFORMS
  arm64-darwin-24
  ruby

DEPENDENCIES
  rack

BUNDLED WITH
   2.5.23
